GEM
  remote: https://rubygems.org/
  specs:
    curses (1.2.0)

PLATFORMS
  ruby

DEPENDENCIES
  curses

BUNDLED WITH
   1.11.2
